GEM
  remote: http://rubygems.org/
  specs:
    rack (1.2.1)
    rack-test (0.5.6)
      rack (>= 1.0)
    rspec (1.3.1)
    sinatra (1.1.0)
      rack (~> 1.1)
      tilt (~> 1.1)
    tilt (1.1)

PLATFORMS
  ruby

DEPENDENCIES
  rack-test (~> 0.5)
  rspec (~> 1.3)
  sinatra (~> 1.0)
